GEM
  remote: https://rubygems.org/
  specs:
    activesupport (5.0.2)
      concurrent-ruby (~> 1.0, >= 1.0.2)
      i18n (~> 0.7)
      minitest (~> 5.1)
      tzinfo (~> 1.1)
    ansi-to-html (0.0.3)
    awesome_print (1.6.1)
    backports (3.6.8)
    byebug (9.0.5)
    concurrent-ruby (1.0.5)
    dalli (2.7.6)
    i18n (0.8.1)
    mini_portile2 (2.1.0)
    minitest (5.10.1)
    multi_json (1.11.2)
    nokogiri (1.6.8.1)
      mini_portile2 (~> 2.1.0)
    puma (3.12.2)
    rack (1.6.4)
    rack-protection (1.5.3)
      rack
    rack-test (0.6.3)
      rack (>= 1.0)
    sinatra (1.4.7)
      rack (~> 1.5)
      rack-protection (~> 1.4)
      tilt (>= 1.3, < 3)
    sinatra-advanced-routes (0.5.3)
      sinatra (~> 1.0)
    sinatra-contrib (1.4.6)
      backports (>= 2.0)
      multi_json
      rack-protection
      rack-test
      sinatra (~> 1.4.0)
      tilt (>= 1.3, < 3)
    sinatra_more (0.3.43)
      activesupport
      bundler (>= 0.9.2)
      sinatra (>= 0.9.2)
      thor (>= 0.11.8)
      tilt (>= 0.2)
    slim (3.0.6)
      temple (~> 0.7.3)
      tilt (>= 1.3.3, < 2.1)
    temple (0.7.6)
    thor (0.19.4)
    thread_safe (0.3.6)
    tilt (2.0.2)
    tzinfo (1.2.3)
      thread_safe (~> 0.1)

PLATFORMS
  ruby

DEPENDENCIES
  ansi-to-html
  awesome_print
  byebug
  dalli
  nokogiri
  puma
  sinatra
  sinatra-advanced-routes
  sinatra-contrib
  sinatra_more
  slim

BUNDLED WITH
   1.12.5
