GEM
  remote: https://rubygems.org/
  specs:
    activesupport (6.0.3.1)
      concurrent-ruby (~> 1.0, >= 1.0.2)
      i18n (>= 0.7, < 2)
      minitest (~> 5.1)
      tzinfo (~> 1.1)
      zeitwerk (~> 2.2, >= 2.2.2)
    ansi-to-html (0.0.3)
    awesome_print (1.8.0)
    backports (3.17.2)
    byebug (11.1.3)
    concurrent-ruby (1.1.6)
    dalli (2.7.10)
    i18n (1.8.3)
      concurrent-ruby (~> 1.0)
    mini_portile2 (2.4.0)
    minitest (5.14.1)
    monkey-lib (0.4.2)
      backports
    multi_json (1.14.1)
    mustermann (1.1.1)
      ruby2_keywords (~> 0.0.1)
    nio4r (2.5.7)
    nokogiri (1.10.9)
      mini_portile2 (~> 2.4.0)
    puma (4.3.8)
      nio4r (~> 2.0)
    rack (2.2.2)
    rack-protection (2.0.8.1)
      rack
    ruby2_keywords (0.0.2)
    sinatra (2.0.8.1)
      mustermann (~> 1.0)
      rack (~> 2.0)
      rack-protection (= 2.0.8.1)
      tilt (~> 2.0)
    sinatra-advanced-routes (0.4.1)
      monkey-lib (~> 0.4.0)
      sinatra (>= 0.9.4)
      sinatra-sugar (~> 0.4.0)
    sinatra-contrib (2.0.8.1)
      backports (>= 2.8.2)
      multi_json
      mustermann (~> 1.0)
      rack-protection (= 2.0.8.1)
      sinatra (= 2.0.8.1)
      tilt (~> 2.0)
    sinatra-sugar (0.4.1)
      monkey-lib (~> 0.4.0)
      sinatra (>= 0.9.4)
    sinatra_more (0.3.43)
      activesupport
      bundler (>= 0.9.2)
      sinatra (>= 0.9.2)
      thor (>= 0.11.8)
      tilt (>= 0.2)
    slim (4.1.0)
      temple (>= 0.7.6, < 0.9)
      tilt (>= 2.0.6, < 2.1)
    temple (0.8.2)
    thor (1.0.1)
    thread_safe (0.3.6)
    tilt (2.0.10)
    tzinfo (1.2.7)
      thread_safe (~> 0.1)
    zeitwerk (2.3.0)

PLATFORMS
  ruby

DEPENDENCIES
  ansi-to-html
  awesome_print
  byebug
  dalli
  nokogiri
  puma
  sinatra
  sinatra-advanced-routes
  sinatra-contrib
  sinatra_more
  slim

BUNDLED WITH
   1.17.3
